GEM
  remote: https://rubygems.org/
  specs:
    algoliasearch (1.8.1)
      httpclient (~> 2.7.1)
      json (>= 1.5.1)
    awesome_print (1.8.0)
    httpclient (2.7.2)
    json (2.3.0)

PLATFORMS
  ruby

DEPENDENCIES
  algoliasearch (~> 1.8.1)
  awesome_print (~> 1.6)
  json (~> 2.3)

BUNDLED WITH
   1.17.2
